GEM
  remote: http://rubygems.org/
  specs:
    activesupport (4.0.3)
      i18n (~> 0.6, >= 0.6.4)
      minitest (~> 4.2)
      multi_json (~> 1.3)
      thread_safe (~> 0.1)
      tzinfo (~> 0.3.37)
    atomic (1.1.15)
    daemons (1.1.9)
    eventmachine (1.0.3)
    i18n (0.6.9)
    minitest (4.7.5)
    multi_json (1.8.4)
    rack (1.5.2)
    rack-post-body-to-params (0.1.8)
      activesupport (>= 2.3)
    rack-protection (1.5.2)
      rack
    sequel (4.8.0)
    sinatra (1.3.3)
      rack (~> 1.3, >= 1.3.6)
      rack-protection (~> 1.2)
      tilt (~> 1.3, >= 1.3.3)
    sqlite3 (1.3.9)
    thin (1.6.1)
      daemons (>= 1.0.9)
      eventmachine (>= 1.0.0)
      rack (>= 1.0.0)
    thread_safe (0.2.0)
      atomic (>= 1.1.7, < 2)
    tilt (1.4.1)
    tzinfo (0.3.38)
    yajl-ruby (1.2.0)

PLATFORMS
  ruby

DEPENDENCIES
  activesupport
  rack-post-body-to-params
  sequel
  sinatra (= 1.3.3)
  sqlite3
  thin
  yajl-ruby
